GEM
  remote: https://rubygems.org/
  specs:
    iconv (1.0.5)

PLATFORMS
  ruby

DEPENDENCIES
  iconv (~> 1.0.3)

BUNDLED WITH
   1.16.4
